GEM
  remote: https://rubygems.org/
  specs:
    htmldoc (0.2.3)
    rdiscount (1.6.8)

PLATFORMS
  ruby

DEPENDENCIES
  htmldoc
  rdiscount
